GEM
  remote: https://rubygems.org/
  specs:
    activemodel (3.2.16)
      activesupport (= 3.2.16)
      builder (~> 3.0.0)
    activerecord (3.2.16)
      activemodel (= 3.2.16)
      activesupport (= 3.2.16)
      arel (~> 3.0.2)
      tzinfo (~> 0.3.29)
    activesupport (3.2.16)
      i18n (~> 0.6, >= 0.6.4)
      multi_json (~> 1.0)
    arel (3.0.3)
    base58 (0.1.0)
    builder (3.0.4)
    daemons (1.1.9)
    dalli (2.6.4)
    eventmachine (1.0.3)
    i18n (0.6.9)
    json (1.5.1)
    memcached (1.7.2)
    memcachier (0.0.2)
    multi_json (1.8.2)
    pg (0.17.1)
    rack (1.5.2)
    rack-protection (1.5.1)
      rack
    shotgun (0.9)
      rack (>= 1.0)
    sinatra (1.4.4)
      rack (~> 1.4)
      rack-protection (~> 1.4)
      tilt (~> 1.3, >= 1.3.4)
    thin (1.6.1)
      daemons (>= 1.0.9)
      eventmachine (>= 1.0.0)
      rack (>= 1.0.0)
    tilt (1.4.1)
    tzinfo (0.3.38)

PLATFORMS
  ruby

DEPENDENCIES
  activerecord (= 3.2.16)
  activesupport (= 3.2.16)
  base58
  dalli
  json (= 1.5.1)
  memcached
  memcachier
  pg
  shotgun
  sinatra
  thin
