GEM
  remote: http://rubygems.org/
  specs:
    activemodel (3.0.3)
      activesupport (= 3.0.3)
      builder (~> 2.1.2)
      i18n (~> 0.4)
    activerecord (3.0.3)
      activemodel (= 3.0.3)
      activesupport (= 3.0.3)
      arel (~> 2.0.2)
      tzinfo (~> 0.3.23)
    activesupport (3.0.3)
    arel (2.0.7)
    base58 (0.1.0)
    builder (2.1.2)
    daemons (1.1.4)
    dalli (2.6.4)
    eventmachine (0.12.10)
    i18n (0.5.0)
    json (1.5.1)
    memcached (1.1.2)
    memcachier (0.0.2)
    pg (0.11.0)
    rack (1.2.1)
    shotgun (0.9)
      rack (>= 1.0)
    sinatra (1.1.2)
      rack (~> 1.1)
      tilt (~> 1.2)
    thin (1.2.11)
      daemons (>= 1.0.9)
      eventmachine (>= 0.12.6)
      rack (>= 1.0.0)
    tilt (1.2.2)
    tzinfo (0.3.24)

PLATFORMS
  ruby

DEPENDENCIES
  activerecord
  base58
  dalli
  json (= 1.5.1)
  memcached
  memcachier
  pg
  shotgun
  sinatra
  thin
